NUGET
  remote: https://www.nuget.org/api/v2
    FSharp.Core (3.1.2.5)
    TaskParallelLibrary (1.0.2856)
GITHUB
  remote: fsprojects/FsUnit
    src/FsUnit.NUnit/FsUnit.fs (43086ca8981c7642c1067ad5e9de80caf73ba4ec)
    src/FsUnit.NUnit/FsUnitTyped.fs (43086ca8981c7642c1067ad5e9de80caf73ba4ec)
GROUP Benchmark
FRAMEWORK: NET45
NUGET
  remote: https://www.nuget.org/api/v2
    BenchmarkDotNet (0.10) - content: none
      BenchmarkDotNet.Toolchains.Roslyn (>= 0.10)
    BenchmarkDotNet.Core (0.10) - content: none
      System.Threading.Tasks.Extensions (>= 4.0)
    BenchmarkDotNet.Diagnostics.Windows (0.10) - content: none
      BenchmarkDotNet (>= 0.10)
      Microsoft.Diagnostics.Tracing.TraceEvent (>= 1.0.41)
    BenchmarkDotNet.Toolchains.Roslyn (0.10) - content: none
      BenchmarkDotNet.Core (>= 0.10)
      Microsoft.CodeAnalysis.CSharp (>= 1.3.2)
      System.Threading.Tasks (>= 4.0)
    Microsoft.CodeAnalysis.Analyzers (1.1) - content: none
    Microsoft.CodeAnalysis.Common (1.3.2) - content: none
      Microsoft.CodeAnalysis.Analyzers (>= 1.1)
      System.Collections.Immutable (>= 1.1.37)
      System.Reflection.Metadata (>= 1.2)
    Microsoft.CodeAnalysis.CSharp (1.3.2) - content: none
      Microsoft.CodeAnalysis.Common (1.3.2)
    Microsoft.Diagnostics.Tracing.TraceEvent (1.0.41) - content: none
    System.Collections.Immutable (1.2) - content: none
    System.Reflection.Metadata (1.2) - content: none
      System.Collections.Immutable (>= 1.1.37)
    System.Threading.Tasks (4.0.11) - content: none
    System.Threading.Tasks.Extensions (4.0) - content: none

GROUP Build
NUGET
  remote: https://www.nuget.org/api/v2
    FAKE (4.37.2)
    FSharp.Compiler.Service (2.0.0.6)
    FSharp.Formatting (2.14.4)
      FSharp.Compiler.Service (2.0.0.6)
      FSharpVSPowerTools.Core (>= 2.3 < 2.4)
    FSharpVSPowerTools.Core (2.3)
      FSharp.Compiler.Service (>= 2.0.0.3)
    NuGet.CommandLine (3.4.3)
    NUnit.ConsoleRunner (3.4.1)
    NUnit.Extension.NUnitProjectLoader (3.4.1)
    NUnit.Extension.NUnitV2Driver (3.4.1)
    NUnit.Extension.NUnitV2ResultWriter (3.4.1)
    NUnit.Extension.TeamCityEventListener (1.0.1)
    NUnit.Extension.VSProjectLoader (3.4.1)
    NUnit.Runners (3.4.1)
      NUnit.ConsoleRunner (>= 3.4.1)
      NUnit.Extension.NUnitProjectLoader (>= 3.4.1)
      NUnit.Extension.NUnitV2Driver (>= 3.4.1)
      NUnit.Extension.NUnitV2ResultWriter (>= 3.4.1)
      NUnit.Extension.TeamCityEventListener (>= 1.0.1)
      NUnit.Extension.VSProjectLoader (>= 3.4.1)

GROUP Data
NUGET
  remote: https://www.nuget.org/api/v2
    MathNet.Numerics (3.0)

GROUP Test
NUGET
  remote: https://www.nuget.org/api/v2
    FSharp.Core (4.0.0.1)
    NUnit (3.4.1)
